GEM
  remote: https://rubygems.org/
  specs:
    builder (3.2.2)
    cleverbot (0.2.0)
      httparty (>= 0.8.1, < 1.0)
    dalli (2.6.4)
    httparty (0.12.0)
      json (~> 1.8)
      multi_xml (>= 0.5.2)
    json (1.8.1)
    jwt (0.1.8)
      multi_json (>= 1.5)
    memcachier (0.0.2)
    multi_json (1.8.2)
    multi_xml (0.5.5)
    rack (1.5.2)
    rack-protection (1.5.1)
      rack
    sinatra (1.4.4)
      rack (~> 1.4)
      rack-protection (~> 1.4)
      tilt (~> 1.3, >= 1.3.4)
    tilt (1.4.1)
    twilio-ruby (3.11.4)
      builder (>= 2.1.2)
      jwt (>= 0.1.2)
      multi_json (>= 1.3.0)

PLATFORMS
  ruby

DEPENDENCIES
  cleverbot
  dalli
  memcachier
  sinatra
  twilio-ruby
